GIT
  remote: git://github.com/cgunther/formtastic-bootstrap.git
  revision: 3428fef4f7870b01241d65893b882ad32cfc18d8
  branch: bootstrap-2
  specs:
    formtastic-bootstrap (1.2.0)
      formtastic
      rails (>= 3.1.0)

GIT
  remote: git://github.com/justinfrench/formtastic.git
  revision: 7b7428fa4a6a44aea1e8278523f4f45f2570a33d
  branch: 2.1-stable
  specs:
    formtastic (2.1.1)
      actionpack (~> 3.0)

GIT
  remote: git@github.com:alphagov/daemonette.git
  revision: 8179408a2db8f2e882965a2b95ddfc4cdf5230f3
  specs:
    daemonette (0.1.0)

GEM
  remote: http://rubygems.org/
  remote: https://gems.gemfury.com/vo6ZrmjBQu5szyywDszE/
  specs:
    PriorityQueue (0.1.2)
    actionmailer (3.1.3)
      actionpack (= 3.1.3)
      mail (~> 2.3.0)
    actionpack (3.1.3)
      activemodel (= 3.1.3)
      activesupport (= 3.1.3)
      builder (~> 3.0.0)
      erubis (~> 2.7.0)
      i18n (~> 0.6)
      rack (~> 1.3.5)
      rack-cache (~> 1.1)
      rack-mount (~> 0.8.2)
      rack-test (~> 0.6.1)
      sprockets (~> 2.0.3)
    activemodel (3.1.3)
      activesupport (= 3.1.3)
      builder (~> 3.0.0)
      i18n (~> 0.6)
    activerecord (3.1.3)
      activemodel (= 3.1.3)
      activesupport (= 3.1.3)
      arel (~> 2.2.1)
      tzinfo (~> 0.3.29)
    activeresource (3.1.3)
      activemodel (= 3.1.3)
      activesupport (= 3.1.3)
    activesupport (3.1.3)
      multi_json (~> 1.0)
    addressable (2.2.8)
    arel (2.2.3)
    aws-ses (0.4.4)
      builder
      mail (> 2.2.5)
      mime-types
      xml-simple
    bson (1.5.2)
    bson_ext (1.5.2)
      bson (= 1.5.2)
    builder (3.0.0)
    capybara (1.0.1)
      mime-types (>= 1.16)
      nokogiri (>= 1.3.3)
      rack (>= 1.0.0)
      rack-test (>= 0.5.4)
      selenium-webdriver (~> 2.0)
      xpath (~> 0.1.4)
    capybara-webkit (0.11.0)
      capybara (>= 1.0.0, < 1.2)
      json
    cdn_helpers (0.9)
      actionpack
      nokogiri
    childprocess (0.3.2)
      ffi (~> 1.0.6)
    chronic (0.6.7)
    ci_reporter (1.7.0)
      builder (>= 2.1.2)
    colorize (0.5.8)
    crack (0.3.1)
    cucumber (1.0.6)
      builder (>= 2.1.2)
      diff-lcs (>= 1.1.2)
      gherkin (~> 2.4.18)
      json (>= 1.4.6)
      term-ansicolor (>= 1.0.6)
    cucumber-rails (1.0.2)
      capybara (>= 1.0.0)
      cucumber (~> 1.0.0)
      nokogiri (>= 1.4.6)
    daemon_controller (1.0.0)
    database_cleaner (0.7.2)
    diff-lcs (1.1.3)
    differ (0.1.2)
    erubis (2.7.0)
    exception_notification (2.4.1)
    execjs (1.3.1)
      multi_json (~> 1.0)
    factory_girl (3.2.0)
      activesupport (>= 3.0.0)
    factory_girl_rails (3.2.0)
      factory_girl (~> 3.2.0)
      railties (>= 3.0.0)
    faker (1.0.1)
      i18n (~> 0.4)
    faraday (0.7.6)
      addressable (~> 2.2)
      multipart-post (~> 1.1)
      rack (~> 1.1)
    fastthread (1.0.7)
    ffi (1.0.11)
    gds-api-adapters (0.0.44)
      lrucache (~> 0.1.1)
      null_logger
      plek
    gds-sso (0.5.3)
      oa-core (~> 0.3.2)
      oa-oauth (~> 0.3.2)
      oauth2 (= 0.5.2)
      rack (= 1.3.5)
      rack-accept (~> 0.4.4)
      rails (>= 3.0.0)
      warden (= 1.0.6)
    gds-warmup-controller (0.0.2)
      rails (>= 3.0.0)
    gelf (1.1.3)
      json
    gherkin (2.4.21)
      json (>= 1.4.6)
    govspeak (0.8.11)
      htmlentities (~> 4)
      kramdown (~> 0.13.3)
    graylog2_exceptions (1.3.0)
      gelf (= 1.1.3)
    has_scope (0.5.1)
    hike (1.2.1)
    htmlentities (4.3.1)
    i18n (0.6.0)
    inherited_resources (1.3.1)
      has_scope (~> 0.5.0)
      responders (~> 0.6)
    json (1.7.0)
    kramdown (0.13.5)
    launchy (2.1.0)
      addressable (~> 2.2.6)
    libv8 (3.3.10.4)
    libwebsocket (0.1.3)
      addressable
    lockfile (2.1.0)
    lrucache (0.1.2)
      PriorityQueue (~> 0.1.2)
    mail (2.3.3)
      i18n (>= 0.4.0)
      mime-types (~> 1.16)
      treetop (~> 1.4.8)
    marples (1.0.6)
      activesupport
      i18n
      null_logger
    metaclass (0.0.1)
    mime-types (1.18)
    mocha (0.11.3)
      metaclass (~> 0.0.1)
    mongo (1.5.2)
      bson (= 1.5.2)
    mongoid (2.4.9)
      activemodel (~> 3.1)
      mongo (~> 1.3)
      tzinfo (~> 0.3.22)
    multi_json (1.0.4)
    multi_xml (0.4.4)
    multipart-post (1.1.5)
    newrelic_rpm (3.3.4.1)
    nokogiri (1.5.2)
    null_logger (0.0.1)
    oa-core (0.3.2)
    oa-oauth (0.3.2)
      faraday (~> 0.7.3)
      multi_json (~> 1.0.0)
      multi_xml (~> 0.4.0)
      oa-core (= 0.3.2)
      oauth (~> 0.4.0)
      oauth2 (~> 0.5.0)
    oauth (0.4.6)
    oauth2 (0.5.2)
      faraday (~> 0.7)
      multi_json (~> 1.0)
    passenger (3.0.12)
      daemon_controller (>= 0.2.5)
      fastthread (>= 1.0.1)
      rack
      rake (>= 0.8.1)
    plek (0.1.20)
      builder
    polyglot (0.3.3)
    rack (1.3.5)
    rack-accept (0.4.4)
      rack (>= 0.4)
    rack-cache (1.2)
      rack (>= 0.4)
    rack-mount (0.8.3)
      rack (>= 1.0.0)
    rack-ssl (1.3.2)
      rack
    rack-test (0.6.1)
      rack (>= 1.0)
    rails (3.1.3)
      actionmailer (= 3.1.3)
      actionpack (= 3.1.3)
      activerecord (= 3.1.3)
      activeresource (= 3.1.3)
      activesupport (= 3.1.3)
      bundler (~> 1.0)
      railties (= 3.1.3)
    railties (3.1.3)
      actionpack (= 3.1.3)
      activesupport (= 3.1.3)
      rack-ssl (~> 1.3.2)
      rake (>= 0.8.7)
      rdoc (~> 3.4)
      thor (~> 0.14.6)
    rake (0.9.2)
    rdoc (3.12)
      json (~> 1.4)
    responders (0.9.1)
      railties (~> 3.1)
    rest-client (1.6.7)
      mime-types (>= 1.16)
    router-client (2.0.3)
      builder
      null_logger
    rubyzip (0.9.8)
    rummageable (0.1.3)
      json
      plek
      rest-client
    selenium-webdriver (2.21.2)
      childprocess (>= 0.2.5)
      ffi (~> 1.0)
      libwebsocket (~> 0.1.3)
      multi_json (~> 1.0)
      rubyzip
    shoulda (3.0.1)
      shoulda-context (~> 1.0.0)
      shoulda-matchers (~> 1.0.0)
    shoulda-context (1.0.0)
    shoulda-matchers (1.0.0)
    simplecov (0.4.2)
      simplecov-html (~> 0.4.4)
    simplecov-html (0.4.5)
    simplecov-rcov (0.2.3)
      simplecov (>= 0.4.1)
    sprockets (2.0.4)
      hike (~> 1.2)
      rack (~> 1.0)
      tilt (~> 1.1, != 1.3.0)
    state_machine (1.1.2)
    stomp (1.1.9)
    term-ansicolor (1.0.7)
    test-unit (2.4.8)
    therubyracer (0.9.10)
      libv8 (~> 3.3.10)
    thor (0.14.6)
    tilt (1.3.3)
    timecop (0.3.5)
    treetop (1.4.10)
      polyglot
      polyglot (>= 0.3.1)
    tzinfo (0.3.33)
    uglifier (1.2.4)
      execjs (>= 0.3.0)
      multi_json (>= 1.0.2)
    warden (1.0.6)
      rack (>= 1.0)
    webmock (1.8.6)
      addressable (>= 2.2.7)
      crack (>= 0.1.7)
    whenever (0.7.3)
      activesupport (>= 2.3.4)
      chronic (~> 0.6.3)
    xml-simple (1.1.1)
    xpath (0.1.4)
      nokogiri (~> 1.3)

PLATFORMS
  ruby

DEPENDENCIES
  aws-ses
  bson (= 1.5.2)
  bson_ext (= 1.5.2)
  capybara (~> 1.0.0)
  capybara-webkit
  cdn_helpers (= 0.9)
  ci_reporter
  colorize (~> 0.5.8)
  cucumber-rails
  daemonette!
  database_cleaner
  differ
  erubis
  exception_notification (~> 2.4.1)
  factory_girl_rails
  faker
  formtastic!
  formtastic-bootstrap!
  gds-api-adapters (~> 0.0.23)
  gds-sso (~> 0.5.2)
  gds-warmup-controller
  gelf
  govspeak (~> 0.8.7)
  graylog2_exceptions
  has_scope
  inherited_resources
  launchy
  lockfile
  marples (~> 1)
  mocha
  mongo (= 1.5.2)
  mongoid (~> 2.3)
  newrelic_rpm
  null_logger
  passenger
  plek (~> 0)
  rack (= 1.3.5)
  rails (= 3.1.3)
  rake (= 0.9.2)
  rest-client
  router-client (= 2.0.3)
  rummageable
  shoulda
  simplecov (= 0.4.2)
  simplecov-rcov
  state_machine
  stomp (= 1.1.9)
  test-unit
  therubyracer (~> 0.9.4)
  timecop
  uglifier
  webmock
  whenever
