GIT
  remote: https://github.com/cgunther/formtastic-bootstrap.git
  revision: 3428fef4f7870b01241d65893b882ad32cfc18d8
  branch: bootstrap-2
  specs:
    formtastic-bootstrap (1.2.0)
      formtastic
      rails (>= 3.1.0)

GIT
  remote: https://github.com/justinfrench/formtastic.git
  revision: 7b7428fa4a6a44aea1e8278523f4f45f2570a33d
  branch: 2.1-stable
  specs:
    formtastic (2.1.1)
      actionpack (~> 3.0)

GEM
  remote: https://rubygems.org/
  remote: https://gems.gemfury.com/vo6ZrmjBQu5szyywDszE/
  specs:
    PriorityQueue (0.1.2)
    actionmailer (3.2.8)
      actionpack (= 3.2.8)
      mail (~> 2.4.4)
    actionpack (3.2.8)
      activemodel (= 3.2.8)
      activesupport (= 3.2.8)
      builder (~> 3.0.0)
      erubis (~> 2.7.0)
      journey (~> 1.0.4)
      rack (~> 1.4.0)
      rack-cache (~> 1.2)
      rack-test (~> 0.6.1)
      sprockets (~> 2.1.3)
    activemodel (3.2.8)
      activesupport (= 3.2.8)
      builder (~> 3.0.0)
    activerecord (3.2.8)
      activemodel (= 3.2.8)
      activesupport (= 3.2.8)
      arel (~> 3.0.2)
      tzinfo (~> 0.3.29)
    activeresource (3.2.8)
      activemodel (= 3.2.8)
      activesupport (= 3.2.8)
    activesupport (3.2.8)
      i18n (~> 0.6)
      multi_json (~> 1.0)
    addressable (2.3.2)
    arel (3.0.2)
    aws-ses (0.4.4)
      builder
      mail (> 2.2.5)
      mime-types
      xml-simple
    bson (1.6.4)
    bson_ext (1.6.4)
      bson (~> 1.6.4)
    builder (3.0.3)
    capybara (1.1.2)
      mime-types (>= 1.16)
      nokogiri (>= 1.3.3)
      rack (>= 1.0.0)
      rack-test (>= 0.5.4)
      selenium-webdriver (~> 2.0)
      xpath (~> 0.1.4)
    capybara-webkit (0.12.1)
      capybara (>= 1.0.0, < 1.2)
      json
    childprocess (0.3.5)
      ffi (~> 1.0, >= 1.0.6)
    chronic (0.6.7)
    ci_reporter (1.7.0)
      builder (>= 2.1.2)
    colorize (0.5.8)
    commonjs (0.2.6)
    crack (0.3.1)
    daemon_controller (1.0.0)
    database_cleaner (0.8.0)
    differ (0.1.2)
    erubis (2.7.0)
    exception_notification (2.4.1)
    execjs (1.4.0)
      multi_json (~> 1.0)
    factory_girl (3.6.1)
      activesupport (>= 3.0.0)
    factory_girl_rails (3.6.0)
      factory_girl (~> 3.6.0)
      railties (>= 3.0.0)
    faker (1.0.1)
      i18n (~> 0.4)
    faraday (0.8.1)
      multipart-post (~> 1.1)
    fastthread (1.0.7)
    ffi (1.1.5)
    gds-api-adapters (1.8.0)
      lrucache (~> 0.1.1)
      null_logger
      plek
    gds-sso (1.2.1)
      omniauth-gds (= 0.0.3)
      rack-accept (~> 0.4.4)
      rails (>= 3.0.0)
      warden (~> 1.2)
    gds-warmup-controller (0.1.0)
      rails (>= 3.0.0)
    gelf (1.1.3)
      json
    govspeak (1.0.1)
      htmlentities (~> 4)
      kramdown (~> 0.13.3)
      sanitize (= 2.0.3)
    govuk_content_models (1.8.0)
      bson_ext
      differ
      gds-api-adapters
      gds-sso (>= 0.7, < 3.0)
      govspeak (>= 1.0.1, < 2.0.0)
      mongoid (~> 2.4.10)
      omniauth-oauth2 (~> 1.0)
      plek (>= 0.1.22, < 0.4)
      state_machine
    graylog2_exceptions (1.3.0)
      gelf (= 1.1.3)
    has_scope (0.5.1)
    hashie (1.2.0)
    hike (1.2.1)
    htmlentities (4.3.1)
    httpauth (0.1)
    i18n (0.6.0)
    inherited_resources (1.3.1)
      has_scope (~> 0.5.0)
      responders (~> 0.6)
    journey (1.0.4)
    jquery-rails (2.0.2)
      railties (>= 3.2.0, < 5.0)
      thor (~> 0.14)
    json (1.7.4)
    jwt (0.1.5)
      multi_json (>= 1.0)
    kaminari (0.13.0)
      actionpack (>= 3.0.0)
      activesupport (>= 3.0.0)
      railties (>= 3.0.0)
    kramdown (0.13.8)
    launchy (2.1.1)
      addressable (~> 2.3)
    less (2.2.1)
      commonjs (~> 0.2.6)
    less-rails (2.2.3)
      actionpack (>= 3.1)
      less (~> 2.2.0)
    less-rails-bootstrap (2.0.13)
      less-rails (~> 2.2.0)
    libv8 (3.3.10.4)
    libwebsocket (0.1.5)
      addressable
    lockfile (2.1.0)
    lograge (0.0.6)
      actionpack
      activesupport
    lrucache (0.1.3)
      PriorityQueue (~> 0.1.2)
    mail (2.4.4)
      i18n (>= 0.4.0)
      mime-types (~> 1.16)
      treetop (~> 1.4.8)
    metaclass (0.0.1)
    mime-types (1.19)
    mocha (0.12.2)
      metaclass (~> 0.0.1)
    mongo (1.6.2)
      bson (~> 1.6.2)
    mongoid (2.4.12)
      activemodel (~> 3.1)
      mongo (<= 1.6.2)
      tzinfo (~> 0.3.22)
    multi_json (1.3.6)
    multipart-post (1.1.5)
    newrelic_rpm (3.3.4.1)
    nokogiri (1.5.5)
    null_logger (0.0.1)
    oauth2 (0.8.0)
      faraday (~> 0.8)
      httpauth (~> 0.1)
      jwt (~> 0.1.4)
      multi_json (~> 1.0)
      rack (~> 1.2)
    omniauth (1.1.0)
      hashie (~> 1.2)
      rack
    omniauth-gds (0.0.3)
      omniauth-oauth2 (~> 1.0)
    omniauth-oauth2 (1.1.0)
      oauth2 (~> 0.8.0)
      omniauth (~> 1.0)
    passenger (3.0.15)
      daemon_controller (>= 1.0.0)
      fastthread (>= 1.0.1)
      rack
      rake (>= 0.8.1)
    plek (0.1.24)
      builder
    polyglot (0.3.3)
    rack (1.4.1)
    rack-accept (0.4.5)
      rack (>= 0.4)
    rack-cache (1.2)
      rack (>= 0.4)
    rack-ssl (1.3.2)
      rack
    rack-test (0.6.1)
      rack (>= 1.0)
    rails (3.2.8)
      actionmailer (= 3.2.8)
      actionpack (= 3.2.8)
      activerecord (= 3.2.8)
      activeresource (= 3.2.8)
      activesupport (= 3.2.8)
      bundler (~> 1.0)
      railties (= 3.2.8)
    railties (3.2.8)
      actionpack (= 3.2.8)
      activesupport (= 3.2.8)
      rack-ssl (~> 1.3.2)
      rake (>= 0.8.7)
      rdoc (~> 3.4)
      thor (>= 0.14.6, < 2.0)
    rake (0.9.2.2)
    rdoc (3.12)
      json (~> 1.4)
    responders (0.9.2)
      railties (~> 3.1)
    rest-client (1.6.7)
      mime-types (>= 1.16)
    rubyzip (0.9.9)
    sanitize (2.0.3)
      nokogiri (>= 1.4.4, < 1.6)
    selenium-webdriver (2.25.0)
      childprocess (>= 0.2.5)
      libwebsocket (~> 0.1.3)
      multi_json (~> 1.0)
      rubyzip
    shoulda (3.1.1)
      shoulda-context (~> 1.0)
      shoulda-matchers (~> 1.2)
    shoulda-context (1.0.0)
    shoulda-matchers (1.2.0)
      activesupport (>= 3.0.0)
    simplecov (0.6.4)
      multi_json (~> 1.0)
      simplecov-html (~> 0.5.3)
    simplecov-html (0.5.3)
    simplecov-rcov (0.2.3)
      simplecov (>= 0.4.1)
    sprockets (2.1.3)
      hike (~> 1.2)
      rack (~> 1.0)
      tilt (~> 1.1, != 1.3.0)
    state_machine (1.1.2)
    statsd-ruby (1.0.0)
    test-unit (2.5.1)
    therubyracer (0.9.10)
      libv8 (~> 3.3.10)
    thor (0.15.4)
    tilt (1.3.3)
    timecop (0.4.4)
    treetop (1.4.10)
      polyglot
      polyglot (>= 0.3.1)
    tzinfo (0.3.33)
    uglifier (1.2.7)
      execjs (>= 0.3.0)
      multi_json (~> 1.3)
    warden (1.2.1)
      rack (>= 1.0)
    webmock (1.8.7)
      addressable (>= 2.2.7)
      crack (>= 0.1.7)
    whenever (0.7.3)
      activesupport (>= 2.3.4)
      chronic (~> 0.6.3)
    xml-simple (1.1.1)
    xpath (0.1.4)
      nokogiri (~> 1.3)

PLATFORMS
  ruby

DEPENDENCIES
  aws-ses
  capybara (~> 1.1.0)
  capybara-webkit
  ci_reporter
  colorize (~> 0.5.8)
  database_cleaner
  erubis
  exception_notification (~> 2.4.1)
  factory_girl_rails
  faker
  formtastic!
  formtastic-bootstrap!
  gds-api-adapters (= 1.8.0)
  gds-sso (~> 1.2.0)
  gds-warmup-controller
  gelf
  govspeak (= 1.0.1)
  govuk_content_models (= 1.8.0)
  graylog2_exceptions
  has_scope
  inherited_resources
  jquery-rails
  kaminari (= 0.13.0)
  launchy
  less-rails-bootstrap
  lockfile
  lograge
  mocha
  mongo (= 1.6.2)
  newrelic_rpm
  null_logger
  passenger
  plek (= 0.1.24)
  rails (= 3.2.8)
  rest-client
  shoulda
  simplecov (~> 0.6.4)
  simplecov-rcov (~> 0.2.3)
  statsd-ruby (= 1.0.0)
  test-unit
  therubyracer (~> 0.9.4)
  timecop
  uglifier
  webmock
  whenever
